GEM
  remote: https://rubygems.org/
  specs:
    addressable (2.7.0)
      public_suffix (>= 2.0.2, < 5.0)
    desktop (1.2.0)
      faraday (~> 0.9)
      sqlite3 (~> 1.3)
      thor (~> 0.19)
    faraday (0.17.3)
      multipart-post (>= 1.2, < 3)
    git (1.5.0)
    launchy (2.4.3)
      addressable (~> 2.3)
    lolcommits (0.16.0)
      git (~> 1.5.0)
      launchy (~> 2.4.3)
      lolcommits-loltext (~> 0.3.0)
      mercurial-ruby (~> 0.7.12)
      methadone (~> 1.9.5)
      mini_magick (~> 4.9.3)
      open4 (~> 1.3.4)
    lolcommits-loltext (0.3.0)
    mercurial-ruby (0.7.12)
      open4 (~> 1.3.0)
    methadone (1.9.5)
      bundler
    mini_magick (4.9.5)
    multipart-post (2.1.1)
    open4 (1.3.4)
    public_suffix (4.0.3)
    sqlite3 (1.4.2)
    thor (0.20.3)

PLATFORMS
  ruby

DEPENDENCIES
  desktop
  lolcommits

BUNDLED WITH
   2.0.2
