GEM
  remote: https://rubygems.org/
  specs:
    desktop (1.2.0)
      faraday (~> 0.9)
      sqlite3 (~> 1.3)
      thor (~> 0.19)
    faraday (0.9.1)
      multipart-post (>= 1.2, < 3)
    multipart-post (2.0.0)
    sqlite3 (1.3.10)
    thor (0.19.1)

PLATFORMS
  ruby

DEPENDENCIES
  desktop
